GIT
  remote: https://github.com/Watson1978/ilios.git
  revision: d83d5b7f66de649396bc3e32356e508d683388de
  specs:
    ilios (0.1.0)

GEM
  remote: https://rubygems.org/
  specs:
    mustermann (3.0.0)
      ruby2_keywords (~> 0.0.1)
    rack (2.2.7)
    rack-protection (3.0.6)
      rack
    ruby2_keywords (0.0.5)
    sinatra (3.0.6)
      mustermann (~> 3.0)
      rack (~> 2.2, >= 2.2.4)
      rack-protection (= 3.0.6)
      tilt (~> 2.0)
    tilt (2.0.11)

PLATFORMS
  arm64-darwin-22

DEPENDENCIES
  ilios!
  sinatra (~> 3.0)

BUNDLED WITH
   2.4.6
